GEM
  remote: http://rubygems.org/
  specs:
    actionmailer (2.3.8)
      actionpack (= 2.3.8)
    actionpack (2.3.8)
      activesupport (= 2.3.8)
      rack (~> 1.1.0)
    activerecord (2.3.8)
      activesupport (= 2.3.8)
    activeresource (2.3.8)
      activesupport (= 2.3.8)
    activesupport (2.3.8)
    addressable (2.2.1)
    aws-s3 (0.6.2)
      builder
      mime-types
      xml-simple
    builder (2.1.2)
    crack (0.1.8)
    geokit (1.5.0)
    httpclient (2.1.5.2)
    jasmine (0.11.1.0)
      rack (>= 1.0.0)
      rspec (>= 1.1.5)
      selenium-client (>= 1.2.17)
      selenium-rc (>= 2.1.0)
    json (1.1.6)
    libxml-ruby (1.1.3)
    mime-types (1.16)
    mysql (2.8.1)
    nokogiri (1.4.2)
    rack (1.1.0)
    rails (2.3.8)
      actionmailer (= 2.3.8)
      actionpack (= 2.3.8)
      activerecord (= 2.3.8)
      activeresource (= 2.3.8)
      activesupport (= 2.3.8)
      rake (>= 0.8.3)
    rake (0.8.7)
    rspec (1.3.0)
    rspec-rails (1.3.2)
      rack (>= 1.0.0)
      rspec (>= 1.3.0)
    selenium-client (1.2.18)
    selenium-rc (2.2.4)
      selenium-client (>= 1.2.18)
    webmock (1.3.2)
      addressable (>= 2.1.1)
      crack (>= 0.1.7)
    xml-simple (1.0.12)

PLATFORMS
  ruby

DEPENDENCIES
  aws-s3 (= 0.6.2)
  bundler (= 1.0.0)
  geokit
  httpclient (= 2.1.5.2)
  jasmine (= 0.11.1.0)
  json (= 1.1.6)
  libxml-ruby (= 1.1.3)
  mysql (= 2.8.1)
  nokogiri (= 1.4.2)
  rails (= 2.3.8)
  rspec (= 1.3.0)
  rspec-rails (= 1.3.2)
  webmock (= 1.3.2)
